GEM
  remote: https://rubygems.org/
  specs:
    activesupport (3.2.13)
      i18n (= 0.6.1)
      multi_json (~> 1.0)
    archive-tar-minitar (0.5.2)
    daemons (1.1.9)
    i18n (0.6.1)
    inifile (2.0.2)
    json (1.8.0)
    log4r (1.1.10)
    mime-types (1.23)
    mini_portile (0.5.0)
    mono_logger (1.1.0)
    multi_json (1.7.7)
    nokogiri (1.6.0)
      mini_portile (~> 0.5.0)
    rack (1.5.2)
    rack-protection (1.5.0)
      rack
    rake (10.1.0)
    redis (3.0.4)
    redis-namespace (1.3.0)
      redis (~> 3.0.0)
    resque (1.24.1)
      mono_logger (~> 1.0)
      multi_json (~> 1.0)
      redis-namespace (~> 1.2)
      sinatra (>= 0.9.2)
      vegas (~> 0.1.2)
    rest-client (1.6.7)
      mime-types (>= 1.16)
    sinatra (1.4.3)
      rack (~> 1.4)
      rack-protection (~> 1.4)
      tilt (~> 1.3, >= 1.3.4)
    tilt (1.4.1)
    vegas (0.1.11)
      rack (>= 1.0.0)
    zipruby (0.3.6)

PLATFORMS
  ruby

DEPENDENCIES
  activesupport (= 3.2.13)
  archive-tar-minitar (= 0.5.2)
  daemons (= 1.1.9)
  inifile (= 2.0.2)
  json (= 1.8.0)
  log4r (= 1.1.10)
  nokogiri (= 1.6.0)
  rake (= 10.1.0)
  redis (= 3.0.4)
  resque (= 1.24.1)
  rest-client (= 1.6.7)
  zipruby (= 0.3.6)
